GEM
  remote: https://rubygems.org/
  specs:
    prometheus_exporter (2.0.3)
      webrick
    webrick (1.7.0)

PLATFORMS
  x86_64-darwin-21

DEPENDENCIES
  prometheus_exporter (~> 2.0, >= 2.0.3)

RUBY VERSION
   ruby 2.7.6p219

BUNDLED WITH
   2.3.6
